GEM
  remote: https://rubygems.org/
  specs:
    adsf (1.2.0)
      rack (>= 1.0.0)
    chunky_png (1.3.1)
    coffee-script (2.3.0)
      coffee-script-source
      execjs
    coffee-script-source (1.7.1)
    colored (1.2)
    compass (0.12.6)
      chunky_png (~> 1.2)
      fssm (>= 0.2.7)
      sass (~> 3.2.19)
    cri (2.6.1)
      colored (~> 1.2)
    execjs (2.2.1)
    fssm (0.2.10)
    haml (4.0.5)
      tilt
    nanoc (3.7.1)
      cri (~> 2.3)
    rack (1.5.2)
    sass (3.2.19)
    tilt (2.0.1)

PLATFORMS
  ruby

DEPENDENCIES
  adsf
  coffee-script (~> 2.3.0)
  compass (= 0.12.6)
  haml (~> 4.0.5)
  nanoc
  sass (= 3.2.19)
